GEM
  remote: https://rubygems.org/
  specs:
    docsplit (0.7.6)
    minitest (5.19.0)
    rake (13.0.6)

PLATFORMS
  x86_64-linux

DEPENDENCIES
  docsplit
  minitest
  rake

BUNDLED WITH
   2.4.19
